GEM
  remote: http://rubygems.org/
  specs:
    actionmailer (2.3.14)
      actionpack (= 2.3.14)
    actionpack (2.3.14)
      activesupport (= 2.3.14)
      rack (~> 1.1.0)
    activerecord (2.3.14)
      activesupport (= 2.3.14)
    activeresource (2.3.14)
      activesupport (= 2.3.14)
    activesupport (2.3.14)
    authlogic (2.1.6)
      activesupport
    chunky_png (1.2.5)
    compass (0.11.7)
      chunky_png (~> 1.2)
      fssm (>= 0.2.7)
      sass (~> 3.1)
    compass-jquery-plugin (0.3.1.1)
      compass (>= 0.10.6)
      haml (>= 3.0.24)
      ri_cal (>= 0.8.7)
    compass-susy-plugin (0.8.1)
      compass (>= 0.10.0)
    fssm (0.2.8.1)
    haml (3.1.4)
    mysql2 (0.2.18)
    nokogiri (1.4.4)
    rack (1.1.3)
    rails (2.3.14)
      actionmailer (= 2.3.14)
      actionpack (= 2.3.14)
      activerecord (= 2.3.14)
      activeresource (= 2.3.14)
      activesupport (= 2.3.14)
      rake (>= 0.8.3)
    rake (0.9.2.2)
    ri_cal (0.8.8)
    sass (3.1.12)
    sqlite3 (1.3.5)
    sqlite3-ruby (1.3.3)
      sqlite3 (>= 1.3.3)

PLATFORMS
  ruby

DEPENDENCIES
  authlogic
  compass (>= 0.10.6)
  compass-jquery-plugin (= 0.3.1.1)
  compass-susy-plugin (= 0.8.1)
  haml
  mysql2 (~> 0.2.0)
  nokogiri (= 1.4.4)
  rack
  rails (= 2.3.14)
  rake
  sqlite3-ruby (~> 1.3.3)
